GIT
  remote: https://github.com/p-mongo/faraday-digestauth
  revision: 74021185e4bbdf07fe7c6c528264c0fe5b87c688
  branch: mine
  specs:
    faraday-digestauth (0.4.1)
      faraday (>= 0.7)
      net-http-digest_auth (~> 1.4)

GEM
  remote: https://rubygems.org/
  specs:
    awesome_print (1.9.2)
    byebug (11.1.3)
    coderay (1.1.3)
    daybreak (0.3.0)
    faraday (2.3.0)
      faraday-net_http (~> 2.0)
      ruby2_keywords (>= 0.0.4)
    faraday-detailed_logger (2.5.0)
      faraday (>= 0.16, < 3)
    faraday-net_http (2.0.3)
    method_source (1.0.0)
    net-http-digest_auth (1.4.1)
    oj (3.13.16)
    pry (0.14.1)
      coderay (~> 1.1)
      method_source (~> 1.0)
    rack (2.2.4)
    ruby2_keywords (0.0.5)

PLATFORMS
  ruby

DEPENDENCIES
  awesome_print
  byebug
  daybreak
  faraday
  faraday-detailed_logger
  faraday-digestauth!
  oj
  pry
  rack

BUNDLED WITH
   2.1.4
